GEM
  remote: https://rubygems.org/
  specs:
    activesupport (3.2.13)
      i18n (= 0.6.1)
      multi_json (~> 1.0)
    bourne (1.2.1)
      mocha (= 0.12.7)
    git (1.2.5)
    i18n (0.6.1)
    jeweler (1.8.4)
      bundler (~> 1.0)
      git (>= 1.2.5)
      rake
      rdoc
    json (1.7.7)
    metaclass (0.0.1)
    mime-types (1.21)
    minitest (3.5.0)
    mocha (0.12.7)
      metaclass (~> 0.0.1)
    multi_json (1.7.1)
    net-http-persistent (2.8)
    rake (10.0.3)
    rdoc (3.12.2)
      json (~> 1.4)
    rest (2.2.0)
      net-http-persistent
      rest-client (>= 0.3.0)
    rest-client (1.6.7)
      mime-types (>= 1.16)
    shoulda (3.4.0)
      shoulda-context (~> 1.0, >= 1.0.1)
      shoulda-matchers (~> 1.0, >= 1.4.1)
    shoulda-context (1.0.2)
    shoulda-matchers (1.5.0)
      activesupport (>= 3.0.0)
      bourne (~> 1.2.0)
    simplecov (0.7.1)
      multi_json (~> 1.0)
      simplecov-html (~> 0.7.1)
    simplecov-html (0.7.1)

PLATFORMS
  ruby

DEPENDENCIES
  bundler (> 1.0.0)
  jeweler (~> 1.8.4)
  minitest (= 3.5.0)
  rdoc (~> 3.12)
  rest (~> 2.2.0)
  shoulda
  simplecov
